GEM
  remote: https://rubygems.org/
  specs:
    colorize (0.8.1)
    concurrent-ruby (1.1.4)
    faker (1.9.3)
      i18n (>= 0.7)
    i18n (1.6.0)
      concurrent-ruby (~> 1.0)
    tty-font (0.3.0)

PLATFORMS
  ruby

DEPENDENCIES
  colorize (~> 0.8.1)
  faker (~> 1.9)
  tty-font

BUNDLED WITH
   2.0.1
